GEM
  specs:
    activesupport (2.3.18)
    daemons (1.0.10)
    delayed_job (2.0.7)
      activesupport (~> 2.0)
      daemons (= 1.0.10)

PLATFORMS
  ruby

DEPENDENCIES
  delayed_job (~> 2.0.4)
